GIT
  remote: https://github.com/jmettraux/ruote-redis.git
  revision: 8b5e847874fb13753541e197de806ba312e739c8
  specs:
    ruote-redis (2.3.0)
      redis
      ruote (>= 2.3.0)

GIT
  remote: https://github.com/jmettraux/ruote.git
  revision: d3a19ab0a650234c56e9a1f6cfac2e5f9d9ef05a
  specs:
    ruote (2.3.0)
      parslet (= 1.2.3)
      rufus-cloche (>= 1.0.2)
      rufus-dollar (>= 1.0.4)
      rufus-json (>= 1.0.1)
      rufus-mnemo (>= 1.2.2)
      rufus-scheduler (>= 2.0.16)
      rufus-treechecker (>= 1.0.8)
      sourcify (= 0.5.0)

GIT
  remote: https://github.com/kennethkalmer/ruote-amqp
  revision: 2d0f163dc57819cabf755a6c0c16d58727189720
  specs:
    ruote-amqp (2.2.0.1)
      amqp (~> 0.7.0)
      ruote (>= 2.2.1)

GIT
  remote: https://github.com/kennethkalmer/ruote-kit
  revision: 92c2802570f553f496b384b3c51a3ae576e5c74c
  specs:
    ruote-kit (2.3.0)
      haml (>= 3.1.2)
      rufus-json (>= 0.2.5)
      sinatra (~> 1.2.0)
      sinatra-respond_to (~> 0.7.0)

GIT
  remote: https://github.com/ruby-amqp/amqp
  revision: a277732afcd8f0ee0834dd904e55de3d38b57c93
  branch: 0.7.x-stable
  specs:
    amqp (0.7.6.pre)
      eventmachine

GEM
  remote: http://rubygems.org/
  specs:
    actionmailer (3.1.3)
      actionpack (= 3.1.3)
      mail (~> 2.3.0)
    actionpack (3.1.3)
      activemodel (= 3.1.3)
      activesupport (= 3.1.3)
      builder (~> 3.0.0)
      erubis (~> 2.7.0)
      i18n (~> 0.6)
      rack (~> 1.3.5)
      rack-cache (~> 1.1)
      rack-mount (~> 0.8.2)
      rack-test (~> 0.6.1)
      sprockets (~> 2.0.3)
    activemodel (3.1.3)
      activesupport (= 3.1.3)
      builder (~> 3.0.0)
      i18n (~> 0.6)
    activerecord (3.1.3)
      activemodel (= 3.1.3)
      activesupport (= 3.1.3)
      arel (~> 2.2.1)
      tzinfo (~> 0.3.29)
    activeresource (3.1.3)
      activemodel (= 3.1.3)
      activesupport (= 3.1.3)
    activesupport (3.1.3)
      multi_json (~> 1.0)
    ansi (1.4.2)
    arel (2.2.3)
    blankslate (2.1.2.4)
    builder (3.0.0)
    coffee-rails (3.1.1)
      coffee-script (>= 2.2.0)
      railties (~> 3.1.0)
    coffee-script (2.2.0)
      coffee-script-source
      execjs
    coffee-script-source (1.2.0)
    erubis (2.7.0)
    eventmachine (0.12.10)
    execjs (1.3.0)
      multi_json (~> 1.0)
    file-tail (1.0.8)
      tins (~> 0.3)
    haml (3.1.4)
    hike (1.2.1)
    i18n (0.6.0)
    jquery-rails (1.0.19)
      railties (~> 3.0)
      thor (~> 0.14)
    json (1.6.5)
    mail (2.3.0)
      i18n (>= 0.4.0)
      mime-types (~> 1.16)
      treetop (~> 1.4.8)
    mime-types (1.17.2)
    multi_json (1.1.0)
    parslet (1.2.3)
      blankslate (~> 2.0)
    polyglot (0.3.3)
    rack (1.3.6)
    rack-cache (1.1)
      rack (>= 0.4)
    rack-mount (0.8.3)
      rack (>= 1.0.0)
    rack-ssl (1.3.2)
      rack
    rack-test (0.6.1)
      rack (>= 1.0)
    rails (3.1.3)
      actionmailer (= 3.1.3)
      actionpack (= 3.1.3)
      activerecord (= 3.1.3)
      activeresource (= 3.1.3)
      activesupport (= 3.1.3)
      bundler (~> 1.0)
      railties (= 3.1.3)
    rails_config (0.2.5)
      activesupport (>= 3.0)
    railties (3.1.3)
      actionpack (= 3.1.3)
      activesupport (= 3.1.3)
      rack-ssl (~> 1.3.2)
      rake (>= 0.8.7)
      rdoc (~> 3.4)
      thor (~> 0.14.6)
    rake (0.9.2.2)
    rdoc (3.12)
      json (~> 1.4)
    redis (2.2.2)
    ruby2ruby (1.3.1)
      ruby_parser (~> 2.0)
      sexp_processor (~> 3.0)
    ruby_parser (2.3.1)
      sexp_processor (~> 3.0)
    rufus-cloche (1.0.2)
      rufus-json (>= 1.0.1)
    rufus-dollar (1.0.4)
    rufus-json (1.0.1)
    rufus-mnemo (1.2.2)
    rufus-scheduler (2.0.16)
      tzinfo (>= 0.3.23)
    rufus-treechecker (1.0.8)
      ruby_parser (>= 2.0.5)
    sass (3.1.15)
    sass-rails (3.1.5)
      actionpack (~> 3.1.0)
      railties (~> 3.1.0)
      sass (~> 3.1.10)
      tilt (~> 1.3.2)
    sexp_processor (3.0.10)
    sinatra (1.2.8)
      rack (~> 1.1)
      tilt (>= 1.2.2, < 2.0)
    sinatra-respond_to (0.7.0)
      sinatra (~> 1.2)
    sourcify (0.5.0)
      file-tail (>= 1.0.5)
      ruby2ruby (>= 1.2.5)
      ruby_parser (>= 2.0.5)
      sexp_processor (>= 3.0.5)
    sprockets (2.0.3)
      hike (~> 1.2)
      rack (~> 1.0)
      tilt (~> 1.1, != 1.3.0)
    sqlite3 (1.3.5)
    thor (0.14.6)
    tilt (1.3.3)
    tins (0.3.9)
    treetop (1.4.10)
      polyglot
      polyglot (>= 0.3.1)
    turn (0.8.3)
      ansi
    tzinfo (0.3.31)
    uglifier (1.2.3)
      execjs (>= 0.3.0)
      multi_json (>= 1.0.2)

PLATFORMS
  ruby

DEPENDENCIES
  amqp (= 0.7.6.pre)!
  coffee-rails (~> 3.1.1)
  jquery-rails
  rails (= 3.1.3)
  rails_config (~> 0.2.5)
  ruote (~> 2.3.0)!
  ruote-amqp (~> 2.2.0)!
  ruote-kit (~> 2.3.0)!
  ruote-redis (~> 2.3.0)!
  sass-rails (~> 3.1.5)
  sqlite3
  turn (~> 0.8.3)
  uglifier (>= 1.0.3)
